PATH
  remote: .
  specs:
    multi_json (0.0.4)

GEM
  remote: http://rubygems.org/
  specs:
    activesupport (3.0.1)
    json (1.4.6)
    json_pure (1.4.6)
    rake (0.8.7)
    rspec (1.3.1)
    yajl-ruby (0.7.8)

PLATFORMS
  ruby

DEPENDENCIES
  activesupport (~> 3.0)
  json (~> 1.4)
  json_pure (~> 1.4)
  multi_json!
  rake (~> 0.8)
  rspec (~> 1.3)
  yajl-ruby (~> 0.7)
