PATH
  remote: .
  specs:
    multi_json (0.0.4)

GEM
  remote: http://rubygems.org/
  specs:
    activesupport (3.0.1)
    gemcutter (0.6.1)
    git (1.2.5)
    jeweler (1.4.0)
      gemcutter (>= 0.1.0)
      git (>= 1.2.5)
      rubyforge (>= 2.0.0)
    json (1.4.6)
    json_pure (1.4.6)
    rake (0.8.7)
    rspec (1.3.1)
    rubyforge (2.0.4)
      json_pure (>= 1.1.7)
    yajl-ruby (0.7.8)

PLATFORMS
  ruby

DEPENDENCIES
  activesupport
  jeweler (~> 1.4)
  json
  json_pure
  multi_json!
  rake (~> 0.8)
  rspec (~> 1.3)
  yajl-ruby
